PATH
  remote: .
  specs:
    tmclean (0.1.1)
      chronic

GEM
  remote: http://rubygems.org/
  specs:
    chronic (0.7.0)
    rake (12.3.3)

PLATFORMS
  ruby

DEPENDENCIES
  bundler
  rake
  tmclean!
