PATH
  remote: .
  specs:
    tmclean (0.1.1)
      chronic

GEM
  remote: http://rubygems.org/
  specs:
    chronic (0.7.0)
    rake (0.9.2.2)

PLATFORMS
  ruby

DEPENDENCIES
  bundler
  rake
  tmclean!
